GEM
  remote: https://rubygems.org/
  specs:
    wicked_pdf (1.0.1)
    wkhtmltopdf-binary (0.9.9.3)

PLATFORMS
  ruby

DEPENDENCIES
  wicked_pdf
  wkhtmltopdf-binary

BUNDLED WITH
   1.10.6
